GEM
  remote: https://rubygems.org/
  specs:
    rainbow (2.1.0)
    sass (3.4.22)
    scss-lint (0.38.0)
      rainbow (~> 2.0)
      sass (~> 3.4.1)

PLATFORMS
  ruby

DEPENDENCIES
  scss-lint

BUNDLED WITH
   1.12.0.pre.1
